PATH
  remote: .
  specs:
    behavior_lens (0.1.0)

GEM
  remote: https://rubygems.org/
  specs:
    rake (13.0.6)

PLATFORMS
  ruby
  x86_64-linux

DEPENDENCIES
  behavior_lens!
  rake (~> 13.0)

BUNDLED WITH
   2.5.18
